NUGET
  remote: https://www.nuget.org/api/v2
  specs:
    CommandLineParser (1.9.71)
    FsCheck (2.7.0)
      FSharp.Core (>= 3.1.2.5)
    FSharp.Core (4.0.0.1)
