NUGET
  remote: https://www.nuget.org/api/v2
  specs:
    CommandLineParser (2.1.1-beta)
      System.Collections (>= 4.0.11-rc2-24027)
      System.Console (>= 4.0.0-rc2-24027)
      System.Diagnostics.Debug (>= 4.0.11-rc2-24027)
      System.Globalization (>= 4.0.11-rc2-24027)
      System.IO (>= 4.1.0-rc2-24027)
      System.Linq (>= 4.1.0-rc2-24027)
      System.Linq.Expressions (>= 4.0.11-rc2-24027)
      System.Reflection (>= 4.1.0-rc2-24027)
      System.Reflection.Extensions (>= 4.0.1-rc2-24027)
      System.Reflection.TypeExtensions (>= 4.1.0-rc2-24027)
      System.Resources.ResourceManager (>= 4.0.1-rc2-24027)
      System.Runtime (>= 4.1.0-rc2-24027)
      System.Runtime.Extensions (>= 4.1.0-rc2-24027)
    FAKE (4.63.2)
    FsCheck (2.10.3)
      FSharp.Core (>= 4.1.0)
      FSharp.Core (>= 4.1.18)
      NETStandard.Library (>= 1.6.1)
    FSharp.Core (4.2.3)
      System.Collections (>= 4.0.11) - framework: net10, net11, net20, net30, net35, net40, net40-full
      System.Console (>= 4.0.0) - framework: net10, net11, net20, net30, net35, net40, net40-full
      System.Diagnostics.Debug (>= 4.0.11) - framework: net10, net11, net20, net30, net35, net40, net40-full
      System.Diagnostics.Tools (>= 4.0.1) - framework: net10, net11, net20, net30, net35, net40, net40-full
      System.Globalization (>= 4.0.11) - framework: net10, net11, net20, net30, net35, net40, net40-full
      System.IO (>= 4.1.0) - framework: net10, net11, net20, net30, net35, net40, net40-full
      System.Linq (>= 4.1.0) - framework: net10, net11, net20, net30, net35, net40, net40-full
      System.Linq.Expressions (>= 4.1.0) - framework: net10, net11, net20, net30, net35, net40, net40-full
      System.Linq.Queryable (>= 4.0.1) - framework: net10, net11, net20, net30, net35, net40, net40-full
      System.Net.Requests (>= 4.0.11) - framework: net10, net11, net20, net30, net35, net40, net40-full
      System.Reflection (>= 4.1.0) - framework: net10, net11, net20, net30, net35, net40, net40-full
      System.Reflection.Extensions (>= 4.0.1) - framework: net10, net11, net20, net30, net35, net40, net40-full
      System.Resources.ResourceManager (>= 4.0.1) - framework: net10, net11, net20, net30, net35, net40, net40-full
      System.Runtime (>= 4.1.0) - framework: net10, net11, net20, net30, net35, net40, net40-full
      System.Runtime.Extensions (>= 4.1.0) - framework: net10, net11, net20, net30, net35, net40, net40-full
      System.Runtime.Numerics (>= 4.0.1) - framework: net10, net11, net20, net30, net35, net40, net40-full
      System.Text.RegularExpressions (>= 4.1.0) - framework: net10, net11, net20, net30, net35, net40, net40-full
      System.Threading (>= 4.0.11) - framework: net10, net11, net20, net30, net35, net40, net40-full
      System.Threading.Tasks (>= 4.0.11) - framework: net10, net11, net20, net30, net35, net40, net40-full
      System.Threading.Tasks.Parallel (>= 4.0.1) - framework: net10, net11, net20, net30, net35, net40, net40-full
      System.Threading.Thread (>= 4.0.0) - framework: net10, net11, net20, net30, net35, net40, net40-full
      System.Threading.ThreadPool (>= 4.0.10) - framework: net10, net11, net20, net30, net35, net40, net40-full
      System.Threading.Timer (>= 4.0.1) - framework: net10, net11, net20, net30, net35, net40, net40-full
    MathNet.Numerics (3.20.0)
      TaskParallelLibrary (>= 1.0.2856) - framework: net35
    Microsoft.NETCore.Platforms (2.0.0)
    Microsoft.NETCore.Targets (2.0.0)
    Microsoft.Win32.Primitives (4.3.0) - framework: net46
    NETStandard.Library (2.0.0)
      Microsoft.NETCore.Platforms (>= 1.1.0)
      Microsoft.Win32.Primitives (>= 4.3.0) - framework: net46
      System.AppContext (>= 4.3.0) - framework: net46
      System.Collections (>= 4.3.0) - framework: net10, net11, net20, net30, net35, net40, net40-full
      System.Collections.Concurrent (>= 4.3.0) - framework: net10, net11, net20, net30, net35, net40, net40-full
      System.Console (>= 4.3.0) - framework: net46
      System.Diagnostics.Debug (>= 4.3.0) - framework: net10, net11, net20, net30, net35, net40, net40-full
      System.Diagnostics.Tools (>= 4.3.0) - framework: net10, net11, net20, net30, net35, net40, net40-full
      System.Diagnostics.Tracing (>= 4.3.0) - framework: net10, net11, net20, net30, net35, net40, net40-full
      System.Globalization (>= 4.3.0) - framework: net10, net11, net20, net30, net35, net40, net40-full
      System.Globalization.Calendars (>= 4.3.0) - framework: net46
      System.IO (>= 4.3.0) - framework: net10, net11, net20, net30, net35, net40, net40-full
      System.IO.Compression (>= 4.3.0) - framework: net46
      System.IO.Compression.ZipFile (>= 4.3.0) - framework: net46
      System.IO.FileSystem (>= 4.3.0) - framework: net46
      System.IO.FileSystem.Primitives (>= 4.3.0) - framework: net46
      System.Linq (>= 4.3.0) - framework: net10, net11, net20, net30, net35, net40, net40-full
      System.Linq.Expressions (>= 4.3.0) - framework: net10, net11, net20, net30, net35, net40, net40-full
      System.Net.Http (>= 4.3.2) - framework: net46
      System.Net.Primitives (>= 4.3.0) - framework: net10, net11, net20, net30, net35, net40, net40-full
      System.Net.Sockets (>= 4.3.0) - framework: net46
      System.ObjectModel (>= 4.3.0) - framework: net10, net11, net20, net30, net35, net40, net40-full
      System.Reflection (>= 4.3.0) - framework: net10, net11, net20, net30, net35, net40, net40-full
      System.Reflection.Extensions (>= 4.3.0) - framework: net10, net11, net20, net30, net35, net40, net40-full
      System.Reflection.Primitives (>= 4.3.0) - framework: net10, net11, net20, net30, net35, net40, net40-full
      System.Resources.ResourceManager (>= 4.3.0) - framework: net10, net11, net20, net30, net35, net40, net40-full
      System.Runtime (>= 4.3.0) - framework: net10, net11, net20, net30, net35, net40, net40-full
      System.Runtime.Extensions (>= 4.3.0) - framework: net10, net11, net20, net30, net35, net40, net40-full
      System.Runtime.Handles (>= 4.3.0) - framework: net10, net11, net20, net30, net35, net40, net40-full
      System.Runtime.InteropServices (>= 4.3.0) - framework: net10, net11, net20, net30, net35, net40, net40-full
      System.Runtime.InteropServices.RuntimeInformation (>= 4.3.0) - framework: net45, net451, net46, portable45-net45+win8+wpa81, portable46-net451+win81+wpa81, wpv8.1
      System.Runtime.Numerics (>= 4.3.0) - framework: net10, net11, net20, net30, net35, net40, net40-full
      System.Security.Cryptography.Algorithms (>= 4.3.0) - framework: net46
      System.Security.Cryptography.Encoding (>= 4.3.0) - framework: net46
      System.Security.Cryptography.Primitives (>= 4.3.0) - framework: net46
      System.Security.Cryptography.X509Certificates (>= 4.3.0) - framework: net46
      System.Text.Encoding (>= 4.3.0) - framework: net10, net11, net20, net30, net35, net40, net40-full
      System.Text.Encoding.Extensions (>= 4.3.0) - framework: net10, net11, net20, net30, net35, net40, net40-full
      System.Text.RegularExpressions (>= 4.3.0) - framework: net10, net11, net20, net30, net35, net40, net40-full
      System.Threading (>= 4.3.0) - framework: net10, net11, net20, net30, net35, net40, net40-full
      System.Threading.Tasks (>= 4.3.0) - framework: net10, net11, net20, net30, net35, net40, net40-full
      System.Threading.Timer (>= 4.3.0) - framework: net10, net11, net20, net30, net35, net40, net40-full
      System.Xml.ReaderWriter (>= 4.3.0) - framework: net46
      System.Xml.XDocument (>= 4.3.0) - framework: net10, net11, net20, net30, net35, net40, net40-full
    runtime.native.System (4.3.0)
      Microsoft.NETCore.Platforms (>= 1.1.0)
      Microsoft.NETCore.Targets (>= 1.1.0)
    System.AppContext (4.3.0) - framework: net46
    System.Collections (4.3.0)
      Microsoft.NETCore.Platforms (>= 1.1.0) - framework: dnxcore50
      Microsoft.NETCore.Targets (>= 1.1.0) - framework: dnxcore50
      System.Runtime (>= 4.3.0) - framework: dnxcore50
    System.Collections.Concurrent (4.3.0) - framework: net10, net11, net20, net30, net35, net40, net40-full
      System.Reflection (>= 4.3.0) - framework: net10, net11, net20, net30, net35, net40, net40-full
    System.Console (4.3.0)
      Microsoft.NETCore.Platforms (>= 1.1.0) - framework: net10, net11, net20, net30, net35, net40, net40-full, net45, net451, net452, net453
      Microsoft.NETCore.Targets (>= 1.1.0) - framework: net10, net11, net20, net30, net35, net40, net40-full, net45, net451, net452, net453
      System.IO (>= 4.3.0) - framework: net10, net11, net20, net30, net35, net40, net40-full, net45, net451, net452, net453
      System.Runtime (>= 4.3.0) - framework: net10, net11, net20, net30, net35, net40, net40-full, net45, net451, net452, net453
      System.Text.Encoding (>= 4.3.0) - framework: net10, net11, net20, net30, net35, net40, net40-full, net45, net451, net452, net453
    System.Diagnostics.Contracts (4.3.0) - framework: dnxcore50
      System.Runtime (>= 4.3.0) - framework: dnxcore50
    System.Diagnostics.Debug (4.3.0)
      Microsoft.NETCore.Platforms (>= 1.1.0) - framework: dnxcore50
      Microsoft.NETCore.Targets (>= 1.1.0) - framework: dnxcore50
      System.Runtime (>= 4.3.0) - framework: dnxcore50
    System.Diagnostics.Tools (4.3.0) - framework: net10, net11, net20, net30, net35, net40, net40-full
    System.Diagnostics.Tracing (4.3.0) - framework: net10, net11, net20, net30, net35, net40, net40-full
    System.Globalization (4.3.0)
      Microsoft.NETCore.Platforms (>= 1.1.0) - framework: dnxcore50
      Microsoft.NETCore.Targets (>= 1.1.0) - framework: dnxcore50
      System.Runtime (>= 4.3.0) - framework: dnxcore50
    System.Globalization.Calendars (4.3.0) - framework: net46
    System.IO (4.3.0)
      Microsoft.NETCore.Platforms (>= 1.1.0) - framework: dnxcore50
      Microsoft.NETCore.Targets (>= 1.1.0) - framework: dnxcore50
      System.Runtime (>= 4.3.0) - framework: dnxcore50
      System.Text.Encoding (>= 4.3.0) - framework: dnxcore50
      System.Threading.Tasks (>= 4.3.0) - framework: dnxcore50
    System.IO.Compression (4.3.0) - framework: net46
    System.IO.Compression.ZipFile (4.3.0) - framework: net46
    System.IO.FileSystem (4.3.0) - framework: net46
      System.IO.FileSystem.Primitives (>= 4.3.0) - framework: >= net46
    System.IO.FileSystem.Primitives (4.3.0) - framework: net46
    System.Linq (4.3.0)
      System.Collections (>= 4.3.0) - framework: dnxcore50
      System.Diagnostics.Debug (>= 4.3.0) - framework: dnxcore50
      System.Resources.ResourceManager (>= 4.3.0) - framework: dnxcore50
      System.Runtime (>= 4.3.0) - framework: dnxcore50
      System.Runtime.Extensions (>= 4.3.0) - framework: dnxcore50
    System.Linq.Expressions (4.3.0)
      System.Collections (>= 4.3.0) - framework: dnxcore50
      System.Diagnostics.Debug (>= 4.3.0) - framework: dnxcore50
      System.Globalization (>= 4.3.0) - framework: dnxcore50
      System.IO (>= 4.3.0) - framework: dnxcore50
      System.Linq (>= 4.3.0) - framework: dnxcore50
      System.ObjectModel (>= 4.3.0) - framework: net10, net11, net20, net30, net35, net40, net40-full
      System.Reflection (>= 4.3.0) - framework: dnxcore50
      System.Reflection.Emit (>= 4.3.0) - framework: net10, net11, net20, net30, net35, net40, net40-full
      System.Reflection.Emit.ILGeneration (>= 4.3.0) - framework: dnxcore50
      System.Reflection.Emit.Lightweight (>= 4.3.0) - framework: dnxcore50
      System.Reflection.Extensions (>= 4.3.0) - framework: dnxcore50
      System.Reflection.Primitives (>= 4.3.0) - framework: dnxcore50
      System.Reflection.TypeExtensions (>= 4.3.0) - framework: dnxcore50
      System.Resources.ResourceManager (>= 4.3.0) - framework: dnxcore50
      System.Runtime (>= 4.3.0) - framework: dnxcore50
      System.Runtime.Extensions (>= 4.3.0) - framework: dnxcore50
      System.Threading (>= 4.3.0) - framework: dnxcore50
    System.Linq.Queryable (4.3.0) - framework: net10, net11, net20, net30, net35, net40, net40-full
    System.Net.Http (4.3.3) - framework: net46
      System.Security.Cryptography.X509Certificates (>= 4.3.0) - framework: >= net46, dnxcore50
    System.Net.Primitives (4.3.0) - framework: net10, net11, net20, net30, net35, net40, net40-full
    System.Net.Requests (4.3.0) - framework: net10, net11, net20, net30, net35, net40, net40-full
      Microsoft.NETCore.Platforms (>= 1.1.0) - framework: net10, net11, net20, net30, net35, net40, net40-full
    System.Net.Sockets (4.3.0) - framework: net46
    System.ObjectModel (4.3.0) - framework: net10, net11, net20, net30, net35, net40, net40-full
    System.Reflection (4.3.0)
      Microsoft.NETCore.Platforms (>= 1.1.0) - framework: dnxcore50
      Microsoft.NETCore.Targets (>= 1.1.0) - framework: dnxcore50
      System.IO (>= 4.3.0) - framework: dnxcore50
      System.Reflection.Primitives (>= 4.3.0) - framework: dnxcore50
      System.Runtime (>= 4.3.0) - framework: dnxcore50
    System.Reflection.Emit (4.3.0) - framework: net10, net11, net20, net30, net35, net40, net40-full
      System.IO (>= 4.3.0) - framework: net10, net11, net20, net30, net35, net40, net40-full
      System.Reflection (>= 4.3.0) - framework: net10, net11, net20, net30, net35, net40, net40-full
      System.Reflection.Emit.ILGeneration (>= 4.3.0) - framework: net10, net11, net20, net30, net35, net40, net40-full
      System.Reflection.Primitives (>= 4.3.0) - framework: net10, net11, net20, net30, net35, net40, net40-full
      System.Runtime (>= 4.3.0) - framework: net10, net11, net20, net30, net35, net40, net40-full
    System.Reflection.Emit.ILGeneration (4.3.0) - framework: net10, net11, net20, net30, net35, net40, net40-full, dnxcore50
    System.Reflection.Emit.Lightweight (4.3.0) - framework: dnxcore50
    System.Reflection.Extensions (4.3.0)
      Microsoft.NETCore.Platforms (>= 1.1.0) - framework: dnxcore50
      Microsoft.NETCore.Targets (>= 1.1.0) - framework: dnxcore50
      System.Reflection (>= 4.3.0) - framework: dnxcore50
      System.Runtime (>= 4.3.0) - framework: dnxcore50
    System.Reflection.Primitives (4.3.0) - framework: net10, net11, net20, net30, net35, net40, net40-full, dnxcore50
    System.Reflection.TypeExtensions (4.4.0)
      System.Diagnostics.Contracts (>= 4.3.0) - framework: dnxcore50
      System.Diagnostics.Debug (>= 4.3.0) - framework: dnxcore50
      System.Linq (>= 4.3.0) - framework: dnxcore50
      System.Reflection (>= 4.3.0) - framework: dnxcore50
      System.Reflection.Primitives (>= 4.3.0) - framework: dnxcore50
      System.Resources.ResourceManager (>= 4.3.0) - framework: dnxcore50
      System.Runtime (>= 4.3.0) - framework: dnxcore50
      System.Runtime.Extensions (>= 4.3.0) - framework: dnxcore50
    System.Resources.ResourceManager (4.3.0)
      Microsoft.NETCore.Platforms (>= 1.1.0) - framework: dnxcore50
      Microsoft.NETCore.Targets (>= 1.1.0) - framework: dnxcore50
      System.Globalization (>= 4.3.0) - framework: dnxcore50
      System.Reflection (>= 4.3.0) - framework: dnxcore50
      System.Runtime (>= 4.3.0) - framework: dnxcore50
    System.Runtime (4.3.0)
      Microsoft.NETCore.Platforms (>= 1.1.0) - framework: dnxcore50
      Microsoft.NETCore.Targets (>= 1.1.0) - framework: dnxcore50
    System.Runtime.Extensions (4.3.0)
      Microsoft.NETCore.Platforms (>= 1.1.0) - framework: dnxcore50
      Microsoft.NETCore.Targets (>= 1.1.0) - framework: dnxcore50
      System.Runtime (>= 4.3.0) - framework: dnxcore50
    System.Runtime.Handles (4.3.0) - framework: net10, net11, net20, net30, net35, net40, net40-full
      Microsoft.NETCore.Platforms (>= 1.1.0) - framework: net10, net11, net20, net30, net35, net40, net40-full, net45, net451, net452, net453
      Microsoft.NETCore.Targets (>= 1.1.0) - framework: net10, net11, net20, net30, net35, net40, net40-full, net45, net451, net452, net453
      System.Runtime (>= 4.3.0) - framework: net10, net11, net20, net30, net35, net40, net40-full, net45, net451, net452, net453
    System.Runtime.InteropServices (4.3.0)
    System.Runtime.InteropServices.RuntimeInformation (4.3.0) - framework: net45, net451, net46, portable45-net45+win8+wpa81, portable46-net451+win81+wpa81, wpv8.1
      Microsoft.NETCore.Platforms (>= 1.1.0) - framework: dnxcore50
      runtime.native.System (>= 4.3.0) - framework: net10, net11, net20, net30, net35, net40, net40-full
      System.Reflection (>= 4.3.0) - framework: dnxcore50
      System.Reflection.Extensions (>= 4.3.0) - framework: dnxcore50
      System.Resources.ResourceManager (>= 4.3.0) - framework: dnxcore50
      System.Runtime (>= 4.3.0) - framework: dnxcore50
      System.Runtime.InteropServices (>= 4.3.0) - framework: net10, net11, net20, net30, net35, net40, net40-full
      System.Threading (>= 4.3.0) - framework: dnxcore50
    System.Runtime.Numerics (4.3.0) - framework: net10, net11, net20, net30, net35, net40, net40-full
    System.Security.Cryptography.Algorithms (4.3.0) - framework: net46
      System.Security.Cryptography.Primitives (>= 4.3.0) - framework: >= net46, dnxcore50
    System.Security.Cryptography.Encoding (4.3.0) - framework: net46
    System.Security.Cryptography.Primitives (4.3.0) - framework: net46
    System.Security.Cryptography.X509Certificates (4.3.1) - framework: net46
      System.Security.Cryptography.Algorithms (>= 4.3.0) - framework: >= net46, dnxcore50
      System.Security.Cryptography.Encoding (>= 4.3.0) - framework: >= net46, dnxcore50
    System.Text.Encoding (4.3.0) - framework: net10, net11, net20, net30, net35, net40, net40-full, net45, net451, net452, net453, dnxcore50
    System.Text.Encoding.Extensions (4.3.0) - framework: net10, net11, net20, net30, net35, net40, net40-full
    System.Text.RegularExpressions (4.3.0) - framework: net10, net11, net20, net30, net35, net40, net40-full
    System.Threading (4.3.0)
    System.Threading.Tasks (4.3.0) - framework: net10, net11, net20, net30, net35, net40, net40-full, dnxcore50
    System.Threading.Tasks.Parallel (4.3.0) - framework: net10, net11, net20, net30, net35, net40, net40-full
    System.Threading.Thread (4.3.0) - framework: net10, net11, net20, net30, net35, net40, net40-full
      System.Runtime (>= 4.3.0) - framework: net10, net11, net20, net30, net35, net40, net40-full, net45, net451, net452, net453
    System.Threading.ThreadPool (4.3.0) - framework: net10, net11, net20, net30, net35, net40, net40-full
      System.Runtime (>= 4.3.0) - framework: net10, net11, net20, net30, net35, net40, net40-full, net45, net451, net452, net453
      System.Runtime.Handles (>= 4.3.0) - framework: net10, net11, net20, net30, net35, net40, net40-full, net45, net451, net452, net453
    System.Threading.Timer (4.3.0) - framework: net10, net11, net20, net30, net35, net40, net40-full
    System.Xml.ReaderWriter (4.3.0) - framework: net46
    System.Xml.XDocument (4.3.0) - framework: net10, net11, net20, net30, net35, net40, net40-full
    TaskParallelLibrary (1.0.2856) - framework: net35
