NUGET
  remote: https://www.nuget.org/api/v2
  specs:
    CommandLineParser (2.1.1-beta)
      System.Collections (>= 4.0.11-rc2-24027)
      System.Console (>= 4.0.0-rc2-24027)
      System.Diagnostics.Debug (>= 4.0.11-rc2-24027)
      System.Globalization (>= 4.0.11-rc2-24027)
      System.IO (>= 4.1.0-rc2-24027)
      System.Linq (>= 4.1.0-rc2-24027)
      System.Linq.Expressions (>= 4.0.11-rc2-24027)
      System.Reflection (>= 4.1.0-rc2-24027)
      System.Reflection.Extensions (>= 4.0.1-rc2-24027)
      System.Reflection.TypeExtensions (>= 4.1.0-rc2-24027)
      System.Resources.ResourceManager (>= 4.0.1-rc2-24027)
      System.Runtime (>= 4.1.0-rc2-24027)
      System.Runtime.Extensions (>= 4.1.0-rc2-24027)
    FsCheck (2.7.1)
      FSharp.Core (>= 3.1.2.5)
    FSharp.Core (4.1.0)
      System.Collections (>= 4.0.11)
      System.Console (>= 4.0.0)
      System.Diagnostics.Debug (>= 4.0.11)
      System.Diagnostics.Tools (>= 4.0.1)
      System.Globalization (>= 4.0.11)
      System.IO (>= 4.1.0)
      System.Linq (>= 4.1.0)
      System.Linq.Expressions (>= 4.1.0)
      System.Linq.Queryable (>= 4.0.1)
      System.Net.Requests (>= 4.0.11)
      System.Reflection (>= 4.1.0)
      System.Reflection.Extensions (>= 4.0.1)
      System.Resources.ResourceManager (>= 4.0.1)
      System.Runtime (>= 4.1.0)
      System.Runtime.Extensions (>= 4.1.0)
      System.Runtime.Numerics (>= 4.0.1)
      System.Text.RegularExpressions (>= 4.1.0)
      System.Threading (>= 4.0.11)
      System.Threading.Tasks (>= 4.0.11)
      System.Threading.Tasks.Parallel (>= 4.0.1)
      System.Threading.Thread (>= 4.0.0)
      System.Threading.ThreadPool (>= 4.0.10)
      System.Threading.Timer (>= 4.0.1)
      System.ValueTuple (>= 4.3.0)
    MathNet.Numerics (3.17.0)
      TaskParallelLibrary (>= 1.0.2856) - framework: net35
    Microsoft.NETCore.Platforms (1.1.0) - framework: net10, net11, net20, net30, net35, net40, net40-full, net45, net451, net452, net453, dnxcore50
    Microsoft.NETCore.Targets (1.1.0) - framework: net10, net11, net20, net30, net35, net40, net40-full, net45, net451, net452, net453, dnxcore50
    System.Collections (4.3.0)
      Microsoft.NETCore.Platforms (>= 1.1.0) - framework: dnxcore50
      Microsoft.NETCore.Targets (>= 1.1.0) - framework: dnxcore50
      System.Runtime (>= 4.3.0) - framework: dnxcore50
    System.Collections.Concurrent (4.3.0) - framework: dnxcore50
      System.Collections (>= 4.3.0) - framework: dnxcore50
      System.Diagnostics.Debug (>= 4.3.0) - framework: dnxcore50
      System.Diagnostics.Tracing (>= 4.3.0) - framework: dnxcore50
      System.Globalization (>= 4.3.0) - framework: dnxcore50
      System.Resources.ResourceManager (>= 4.3.0) - framework: dnxcore50
      System.Runtime (>= 4.3.0) - framework: dnxcore50
      System.Runtime.Extensions (>= 4.3.0) - framework: dnxcore50
      System.Threading (>= 4.3.0) - framework: dnxcore50
      System.Threading.Tasks (>= 4.3.0) - framework: dnxcore50
    System.Console (4.3.0)
      Microsoft.NETCore.Platforms (>= 1.1.0) - framework: net10, net11, net20, net30, net35, net40, net40-full, net45, net451, net452, net453
      Microsoft.NETCore.Targets (>= 1.1.0) - framework: net10, net11, net20, net30, net35, net40, net40-full, net45, net451, net452, net453
      System.IO (>= 4.3.0) - framework: net10, net11, net20, net30, net35, net40, net40-full, net45, net451, net452, net453
      System.Runtime (>= 4.3.0) - framework: net10, net11, net20, net30, net35, net40, net40-full, net45, net451, net452, net453
      System.Text.Encoding (>= 4.3.0) - framework: net10, net11, net20, net30, net35, net40, net40-full, net45, net451, net452, net453
    System.Diagnostics.Contracts (4.3.0) - framework: dnxcore50
      System.Runtime (>= 4.3.0) - framework: dnxcore50
    System.Diagnostics.Debug (4.3.0)
      Microsoft.NETCore.Platforms (>= 1.1.0) - framework: dnxcore50
      Microsoft.NETCore.Targets (>= 1.1.0) - framework: dnxcore50
      System.Runtime (>= 4.3.0) - framework: dnxcore50
    System.Diagnostics.DiagnosticSource (4.3.0) - framework: dnxcore50
    System.Diagnostics.Tools (4.3.0)
      Microsoft.NETCore.Platforms (>= 1.1.0) - framework: dnxcore50
      Microsoft.NETCore.Targets (>= 1.1.0) - framework: dnxcore50
      System.Runtime (>= 4.3.0) - framework: dnxcore50
    System.Diagnostics.Tracing (4.3.0) - framework: dnxcore50
      Microsoft.NETCore.Platforms (>= 1.1.0) - framework: dnxcore50
      Microsoft.NETCore.Targets (>= 1.1.0) - framework: dnxcore50
      System.Runtime (>= 4.3.0) - framework: dnxcore50
    System.Globalization (4.3.0)
      Microsoft.NETCore.Platforms (>= 1.1.0) - framework: dnxcore50
      Microsoft.NETCore.Targets (>= 1.1.0) - framework: dnxcore50
      System.Runtime (>= 4.3.0) - framework: dnxcore50
    System.Globalization.Calendars (4.3.0) - framework: dnxcore50
    System.IO (4.3.0)
      Microsoft.NETCore.Platforms (>= 1.1.0) - framework: dnxcore50
      Microsoft.NETCore.Targets (>= 1.1.0) - framework: dnxcore50
      System.Runtime (>= 4.3.0) - framework: dnxcore50
      System.Text.Encoding (>= 4.3.0) - framework: dnxcore50
      System.Threading.Tasks (>= 4.3.0) - framework: dnxcore50
    System.IO.FileSystem (4.3.0) - framework: dnxcore50
    System.Linq (4.3.0)
      System.Collections (>= 4.3.0) - framework: dnxcore50
      System.Diagnostics.Debug (>= 4.3.0) - framework: dnxcore50
      System.Resources.ResourceManager (>= 4.3.0) - framework: dnxcore50
      System.Runtime (>= 4.3.0) - framework: dnxcore50
      System.Runtime.Extensions (>= 4.3.0) - framework: dnxcore50
    System.Linq.Expressions (4.3.0)
      System.Collections (>= 4.3.0) - framework: dnxcore50
      System.Diagnostics.Debug (>= 4.3.0) - framework: dnxcore50
      System.Globalization (>= 4.3.0) - framework: dnxcore50
      System.IO (>= 4.3.0) - framework: dnxcore50
      System.Linq (>= 4.3.0) - framework: dnxcore50
      System.ObjectModel (>= 4.3.0) - framework: net10, net11, net20, net30, net35, net40, net40-full
      System.Reflection (>= 4.3.0) - framework: dnxcore50
      System.Reflection.Emit (>= 4.3.0) - framework: net10, net11, net20, net30, net35, net40, net40-full
      System.Reflection.Emit.ILGeneration (>= 4.3.0) - framework: dnxcore50
      System.Reflection.Emit.Lightweight (>= 4.3.0) - framework: dnxcore50
      System.Reflection.Extensions (>= 4.3.0) - framework: dnxcore50
      System.Reflection.Primitives (>= 4.3.0) - framework: dnxcore50
      System.Reflection.TypeExtensions (>= 4.3.0) - framework: dnxcore50
      System.Resources.ResourceManager (>= 4.3.0) - framework: dnxcore50
      System.Runtime (>= 4.3.0) - framework: dnxcore50
      System.Runtime.Extensions (>= 4.3.0) - framework: dnxcore50
      System.Threading (>= 4.3.0) - framework: dnxcore50
    System.Linq.Queryable (4.3.0)
      System.Collections (>= 4.3.0) - framework: dnxcore50
      System.Diagnostics.Debug (>= 4.3.0) - framework: dnxcore50
      System.Linq (>= 4.3.0) - framework: dnxcore50
      System.Linq.Expressions (>= 4.3.0) - framework: dnxcore50
      System.Reflection (>= 4.3.0) - framework: dnxcore50
      System.Reflection.Extensions (>= 4.3.0) - framework: dnxcore50
      System.Resources.ResourceManager (>= 4.3.0) - framework: dnxcore50
      System.Runtime (>= 4.3.0) - framework: dnxcore50
    System.Net.Http (4.3.0) - framework: dnxcore50
      Microsoft.NETCore.Platforms (>= 1.1.0) - framework: dnxcore50
      System.Collections (>= 4.3.0) - framework: dnxcore50
      System.Diagnostics.Debug (>= 4.3.0) - framework: dnxcore50
      System.Diagnostics.DiagnosticSource (>= 4.3.0) - framework: >= net46, dnxcore50
      System.Diagnostics.Tracing (>= 4.3.0) - framework: dnxcore50
      System.Globalization (>= 4.3.0) - framework: dnxcore50
      System.IO (>= 4.3.0) - framework: dnxcore50
      System.Net.Primitives (>= 4.3.0) - framework: dnxcore50
      System.Resources.ResourceManager (>= 4.3.0) - framework: dnxcore50
      System.Runtime (>= 4.3.0) - framework: dnxcore50
      System.Runtime.Extensions (>= 4.3.0) - framework: dnxcore50
      System.Runtime.InteropServices (>= 4.3.0) - framework: dnxcore50
      System.Runtime.WindowsRuntime (>= 4.3.0) - framework: dnxcore50
      System.Security.Cryptography.X509Certificates (>= 4.3.0) - framework: >= net46, dnxcore50
      System.Text.Encoding (>= 4.3.0) - framework: dnxcore50
      System.Text.Encoding.Extensions (>= 4.3.0) - framework: dnxcore50
      System.Threading (>= 4.3.0) - framework: dnxcore50
      System.Threading.Tasks (>= 4.3.0) - framework: dnxcore50
    System.Net.Primitives (4.3.0) - framework: dnxcore50
      Microsoft.NETCore.Platforms (>= 1.1.0) - framework: dnxcore50
      Microsoft.NETCore.Targets (>= 1.1.0) - framework: dnxcore50
      System.Runtime (>= 4.3.0) - framework: dnxcore50
      System.Runtime.Handles (>= 4.3.0) - framework: dnxcore50
    System.Net.Requests (4.3.0)
      Microsoft.NETCore.Platforms (>= 1.1.0) - framework: net10, net11, net20, net30, net35, net40, net40-full
      System.Collections (>= 4.3.0) - framework: dnxcore50
      System.Diagnostics.Debug (>= 4.3.0) - framework: dnxcore50
      System.Diagnostics.Tracing (>= 4.3.0) - framework: dnxcore50
      System.Globalization (>= 4.3.0) - framework: dnxcore50
      System.IO (>= 4.3.0) - framework: dnxcore50
      System.Net.Http (>= 4.3.0) - framework: dnxcore50
      System.Net.Primitives (>= 4.3.0) - framework: dnxcore50
      System.Net.WebHeaderCollection (>= 4.3.0) - framework: dnxcore50
      System.Resources.ResourceManager (>= 4.3.0) - framework: dnxcore50
      System.Runtime (>= 4.3.0) - framework: dnxcore50
      System.Threading (>= 4.3.0) - framework: dnxcore50
      System.Threading.Tasks (>= 4.3.0) - framework: dnxcore50
    System.Net.WebHeaderCollection (4.3.0) - framework: dnxcore50
    System.ObjectModel (4.3.0) - framework: net10, net11, net20, net30, net35, net40, net40-full, dnxcore50
    System.Reflection (4.3.0)
      Microsoft.NETCore.Platforms (>= 1.1.0) - framework: dnxcore50
      Microsoft.NETCore.Targets (>= 1.1.0) - framework: dnxcore50
      System.IO (>= 4.3.0) - framework: dnxcore50
      System.Reflection.Primitives (>= 4.3.0) - framework: dnxcore50
      System.Runtime (>= 4.3.0) - framework: dnxcore50
    System.Reflection.Emit (4.3.0) - framework: net10, net11, net20, net30, net35, net40, net40-full
      System.IO (>= 4.3.0) - framework: net10, net11, net20, net30, net35, net40, net40-full
      System.Reflection (>= 4.3.0) - framework: net10, net11, net20, net30, net35, net40, net40-full
      System.Reflection.Emit.ILGeneration (>= 4.3.0) - framework: net10, net11, net20, net30, net35, net40, net40-full
      System.Reflection.Primitives (>= 4.3.0) - framework: net10, net11, net20, net30, net35, net40, net40-full
      System.Runtime (>= 4.3.0) - framework: net10, net11, net20, net30, net35, net40, net40-full
    System.Reflection.Emit.ILGeneration (4.3.0) - framework: net10, net11, net20, net30, net35, net40, net40-full, dnxcore50
    System.Reflection.Emit.Lightweight (4.3.0) - framework: dnxcore50
    System.Reflection.Extensions (4.3.0)
      Microsoft.NETCore.Platforms (>= 1.1.0) - framework: dnxcore50
      Microsoft.NETCore.Targets (>= 1.1.0) - framework: dnxcore50
      System.Reflection (>= 4.3.0) - framework: dnxcore50
      System.Runtime (>= 4.3.0) - framework: dnxcore50
    System.Reflection.Primitives (4.3.0) - framework: net10, net11, net20, net30, net35, net40, net40-full, dnxcore50
      Microsoft.NETCore.Platforms (>= 1.1.0) - framework: dnxcore50
      Microsoft.NETCore.Targets (>= 1.1.0) - framework: dnxcore50
      System.Runtime (>= 4.3.0) - framework: dnxcore50
    System.Reflection.TypeExtensions (4.3.0)
      System.Diagnostics.Contracts (>= 4.3.0) - framework: dnxcore50
      System.Diagnostics.Debug (>= 4.3.0) - framework: dnxcore50
      System.Linq (>= 4.3.0) - framework: dnxcore50
      System.Reflection (>= 4.3.0) - framework: dnxcore50
      System.Reflection.Primitives (>= 4.3.0) - framework: dnxcore50
      System.Resources.ResourceManager (>= 4.3.0) - framework: dnxcore50
      System.Runtime (>= 4.3.0) - framework: dnxcore50
      System.Runtime.Extensions (>= 4.3.0) - framework: dnxcore50
    System.Resources.ResourceManager (4.3.0)
      Microsoft.NETCore.Platforms (>= 1.1.0) - framework: dnxcore50
      Microsoft.NETCore.Targets (>= 1.1.0) - framework: dnxcore50
      System.Globalization (>= 4.3.0) - framework: dnxcore50
      System.Reflection (>= 4.3.0) - framework: dnxcore50
      System.Runtime (>= 4.3.0) - framework: dnxcore50
    System.Runtime (4.3.0)
      Microsoft.NETCore.Platforms (>= 1.1.0) - framework: dnxcore50
      Microsoft.NETCore.Targets (>= 1.1.0) - framework: dnxcore50
    System.Runtime.Extensions (4.3.0)
      Microsoft.NETCore.Platforms (>= 1.1.0) - framework: dnxcore50
      Microsoft.NETCore.Targets (>= 1.1.0) - framework: dnxcore50
      System.Runtime (>= 4.3.0) - framework: dnxcore50
    System.Runtime.Handles (4.3.0) - framework: net10, net11, net20, net30, net35, net40, net40-full, net45, net451, net452, net453, dnxcore50
      Microsoft.NETCore.Platforms (>= 1.1.0) - framework: net10, net11, net20, net30, net35, net40, net40-full, net45, net451, net452, net453
      Microsoft.NETCore.Targets (>= 1.1.0) - framework: net10, net11, net20, net30, net35, net40, net40-full, net45, net451, net452, net453
      System.Runtime (>= 4.3.0) - framework: net10, net11, net20, net30, net35, net40, net40-full, net45, net451, net452, net453
    System.Runtime.InteropServices (4.3.0) - framework: dnxcore50
      Microsoft.NETCore.Platforms (>= 1.1.0) - framework: dnxcore50
      Microsoft.NETCore.Targets (>= 1.1.0) - framework: dnxcore50
      System.Reflection (>= 4.3.0) - framework: dnxcore50
      System.Reflection.Primitives (>= 4.3.0) - framework: dnxcore50
      System.Runtime (>= 4.3.0) - framework: dnxcore50
      System.Runtime.Handles (>= 4.3.0) - framework: dnxcore50
    System.Runtime.Numerics (4.3.0)
      System.Globalization (>= 4.3.0) - framework: dnxcore50
      System.Resources.ResourceManager (>= 4.3.0) - framework: dnxcore50
      System.Runtime (>= 4.3.0) - framework: dnxcore50
      System.Runtime.Extensions (>= 4.3.0) - framework: dnxcore50
    System.Runtime.WindowsRuntime (4.3.0) - framework: dnxcore50
      Microsoft.NETCore.Platforms (>= 1.1.0) - framework: dnxcore50
      System.Diagnostics.Debug (>= 4.3.0) - framework: dnxcore50
      System.Globalization (>= 4.3.0) - framework: dnxcore50
      System.IO (>= 4.3.0) - framework: dnxcore50
      System.ObjectModel (>= 4.3.0) - framework: dnxcore50
      System.Resources.ResourceManager (>= 4.3.0) - framework: dnxcore50
      System.Runtime (>= 4.3.0) - framework: dnxcore50
      System.Runtime.Extensions (>= 4.3.0) - framework: dnxcore50
      System.Runtime.InteropServices (>= 4.3.0) - framework: dnxcore50
      System.Threading (>= 4.3.0) - framework: dnxcore50
      System.Threading.Tasks (>= 4.3.0) - framework: dnxcore50
    System.Security.Cryptography.Algorithms (4.3.0) - framework: dnxcore50
      Microsoft.NETCore.Platforms (>= 1.1.0) - framework: dnxcore50
      System.IO (>= 4.3.0) - framework: dnxcore50
      System.Resources.ResourceManager (>= 4.3.0) - framework: dnxcore50
      System.Runtime (>= 4.3.0) - framework: dnxcore50
      System.Runtime.Extensions (>= 4.3.0) - framework: dnxcore50
      System.Runtime.Handles (>= 4.3.0) - framework: dnxcore50
      System.Runtime.InteropServices (>= 4.3.0) - framework: dnxcore50
      System.Security.Cryptography.Encoding (>= 4.3.0) - framework: dnxcore50
      System.Security.Cryptography.Primitives (>= 4.3.0) - framework: >= net46, dnxcore50
      System.Text.Encoding (>= 4.3.0) - framework: dnxcore50
    System.Security.Cryptography.Cng (4.3.0) - framework: dnxcore50
      System.Security.Cryptography.Algorithms (>= 4.3.0)
      System.Security.Cryptography.Primitives (>= 4.3.0)
    System.Security.Cryptography.Encoding (4.3.0) - framework: dnxcore50
    System.Security.Cryptography.Primitives (4.3.0) - framework: dnxcore50
    System.Security.Cryptography.X509Certificates (4.3.0) - framework: dnxcore50
      Microsoft.NETCore.Platforms (>= 1.1.0) - framework: dnxcore50
      System.Collections (>= 4.3.0) - framework: dnxcore50
      System.Globalization (>= 4.3.0) - framework: dnxcore50
      System.Globalization.Calendars (>= 4.3.0) - framework: dnxcore50
      System.IO (>= 4.3.0) - framework: dnxcore50
      System.IO.FileSystem (>= 4.3.0) - framework: dnxcore50
      System.Resources.ResourceManager (>= 4.3.0) - framework: dnxcore50
      System.Runtime (>= 4.3.0) - framework: dnxcore50
      System.Runtime.Extensions (>= 4.3.0) - framework: dnxcore50
      System.Runtime.Handles (>= 4.3.0) - framework: dnxcore50
      System.Runtime.InteropServices (>= 4.3.0) - framework: dnxcore50
      System.Runtime.Numerics (>= 4.3.0) - framework: dnxcore50
      System.Security.Cryptography.Algorithms (>= 4.3.0) - framework: >= net46, dnxcore50
      System.Security.Cryptography.Cng (>= 4.3.0) - framework: dnxcore50
      System.Security.Cryptography.Encoding (>= 4.3.0) - framework: >= net46, dnxcore50
      System.Security.Cryptography.Primitives (>= 4.3.0) - framework: dnxcore50
      System.Text.Encoding (>= 4.3.0) - framework: dnxcore50
      System.Threading (>= 4.3.0) - framework: dnxcore50
    System.Text.Encoding (4.3.0) - framework: net10, net11, net20, net30, net35, net40, net40-full, net45, net451, net452, net453, dnxcore50
    System.Text.Encoding.Extensions (4.3.0) - framework: dnxcore50
      Microsoft.NETCore.Platforms (>= 1.1.0) - framework: dnxcore50
      Microsoft.NETCore.Targets (>= 1.1.0) - framework: dnxcore50
      System.Runtime (>= 4.3.0) - framework: dnxcore50
      System.Text.Encoding (>= 4.3.0) - framework: dnxcore50
    System.Text.RegularExpressions (4.3.0)
      System.Collections (>= 4.3.0) - framework: dnxcore50
      System.Globalization (>= 4.3.0) - framework: dnxcore50
      System.Resources.ResourceManager (>= 4.3.0) - framework: dnxcore50
      System.Runtime (>= 4.3.0) - framework: dnxcore50
      System.Runtime.Extensions (>= 4.3.0) - framework: dnxcore50
      System.Threading (>= 4.3.0) - framework: dnxcore50
    System.Threading (4.3.0)
      System.Runtime (>= 4.3.0) - framework: dnxcore50
      System.Threading.Tasks (>= 4.3.0) - framework: dnxcore50
    System.Threading.Tasks (4.3.0)
      Microsoft.NETCore.Platforms (>= 1.1.0) - framework: dnxcore50
      Microsoft.NETCore.Targets (>= 1.1.0) - framework: dnxcore50
      System.Runtime (>= 4.3.0) - framework: dnxcore50
    System.Threading.Tasks.Parallel (4.3.0)
      System.Collections.Concurrent (>= 4.3.0) - framework: dnxcore50
      System.Diagnostics.Debug (>= 4.3.0) - framework: dnxcore50
      System.Diagnostics.Tracing (>= 4.3.0) - framework: dnxcore50
      System.Resources.ResourceManager (>= 4.3.0) - framework: dnxcore50
      System.Runtime (>= 4.3.0) - framework: dnxcore50
      System.Runtime.Extensions (>= 4.3.0) - framework: dnxcore50
      System.Threading (>= 4.3.0) - framework: dnxcore50
      System.Threading.Tasks (>= 4.3.0) - framework: dnxcore50
    System.Threading.Thread (4.3.0)
      System.Runtime (>= 4.3.0) - framework: net10, net11, net20, net30, net35, net40, net40-full, net45, net451, net452, net453
    System.Threading.ThreadPool (4.3.0)
      System.Runtime (>= 4.3.0) - framework: net10, net11, net20, net30, net35, net40, net40-full, net45, net451, net452, net453
      System.Runtime.Handles (>= 4.3.0) - framework: net10, net11, net20, net30, net35, net40, net40-full, net45, net451, net452, net453
    System.Threading.Timer (4.3.0)
      Microsoft.NETCore.Platforms (>= 1.1.0) - framework: dnxcore50
      Microsoft.NETCore.Targets (>= 1.1.0) - framework: dnxcore50
      System.Runtime (>= 4.3.0) - framework: dnxcore50
    System.ValueTuple (4.3.0)
      System.Collections (>= 4.3.0) - framework: net10, net11, net20, net30, net35, net40, net40-full
      System.Resources.ResourceManager (>= 4.3.0) - framework: net10, net11, net20, net30, net35, net40, net40-full
      System.Runtime (>= 4.3.0) - framework: net10, net11, net20, net30, net35, net40, net40-full
    TaskParallelLibrary (1.0.2856) - framework: net35
